GEM
  remote: https://rubygems.org/
  specs:
    ffi (1.15.5)
    get_process_mem (0.2.7)
      ffi (~> 1.0)
    nio4r (2.5.8)
    puma (6.0.0)
      nio4r (~> 2.0)
    puma_worker_killer (0.3.1)
      get_process_mem (~> 0.2)
      puma (>= 2.7)

PLATFORMS
  x86_64-darwin-22

DEPENDENCIES
  ffi
  get_process_mem
  puma
  puma_worker_killer

BUNDLED WITH
   2.3.26
