GEM
  remote: https://rubygems.org/
  specs:
    benchmark-ips (2.10.0)
    dead_end (4.0.0)
    derailed (0.1.0)
      derailed_benchmarks
    derailed_benchmarks (2.1.2)
      benchmark-ips (~> 2)
      dead_end
      get_process_mem (~> 0)
      heapy (~> 0)
      memory_profiler (>= 0, < 2)
      mini_histogram (>= 0.3.0)
      rack (>= 1)
      rack-test
      rake (> 10, < 14)
      ruby-statistics (>= 2.1)
      thor (>= 0.19, < 2)
    ffi (1.15.5)
    get_process_mem (0.2.7)
      ffi (~> 1.0)
    heapy (0.2.0)
      thor
    memory_profiler (1.0.1)
    mini_histogram (0.3.1)
    nio4r (2.5.8)
    puma (6.0.0)
      nio4r (~> 2.0)
    puma_worker_killer (0.3.1)
      get_process_mem (~> 0.2)
      puma (>= 2.7)
    rack (3.0.1)
    rack-test (2.0.2)
      rack (>= 1.3)
    rake (13.0.6)
    ruby-statistics (3.0.1)
    thor (1.2.1)

PLATFORMS
  x86_64-darwin-22

DEPENDENCIES
  derailed
  ffi
  get_process_mem
  puma
  puma_worker_killer

BUNDLED WITH
   2.3.26
